GEM
  remote: https://rubygems.org/
  specs:
    activemodel (4.1.6)
      activesupport (= 4.1.6)
      builder (~> 3.1)
    activerecord (4.1.6)
      activemodel (= 4.1.6)
      activesupport (= 4.1.6)
      arel (~> 5.0.0)
    activesupport (4.1.6)
      i18n (~> 0.6, >= 0.6.9)
      json (~> 1.7, >= 1.7.7)
      minitest (~> 5.1)
      thread_safe (~> 0.1)
      tzinfo (~> 1.1)
    arel (5.0.1.20140414130214)
    builder (3.2.2)
    deluge (1.0.0)
    haml (4.0.5)
      tilt
    hashugar (0.0.6)
    hpricot (0.8.6)
    httparty (0.13.1)
      json (~> 1.8)
      multi_xml (>= 0.5.2)
    i18n (0.6.11)
    json (1.8.1)
    mini_portile (0.6.0)
    minitest (5.4.2)
    multi_xml (0.5.5)
    nokogiri (1.6.3.1)
      mini_portile (= 0.6.0)
    omxplayer (0.4.1)
    rack (1.5.2)
    rack-protection (1.5.3)
      rack
    rake (10.3.2)
    rencode-ruby (1.0.0)
    sinatra (1.4.5)
      rack (~> 1.4)
      rack-protection (~> 1.4)
      tilt (~> 1.3, >= 1.3.4)
    sinatra-activerecord (2.0.2)
      activerecord (>= 3.2)
      sinatra (~> 1.0)
    sinatra-flash (0.3.0)
      sinatra (>= 1.0.0)
    sqlite3 (1.3.9)
    themoviedb (0.0.24)
      hashugar
      httparty
    thread_safe (0.3.4)
    tilt (1.4.1)
    torrent_api (0.2.8)
      hpricot
      nokogiri
    tzinfo (1.2.2)
      thread_safe (~> 0.1)

PLATFORMS
  ruby

DEPENDENCIES
  deluge
  haml
  json
  omxplayer
  rake
  rencode-ruby
  sinatra
  sinatra-activerecord
  sinatra-flash
  sqlite3
  themoviedb
  torrent_api
